GIT
  remote: https://github.com/zendesk/vault-ruby.git
  revision: 96be391a2fd50a42871c8b9dc3c59fddbdbdc556
  ref: 96be391a2fd50a42871c8b9dc3c59fddbdbdc556
  specs:
    vault (0.12.0)
      aws-sigv4

PATH
  remote: plugins/airbrake_hook
  specs:
    samson_airbrake_hook (0.0.0)

PATH
  remote: plugins/airbrake
  specs:
    samson_airbrake (0.0.0)
      airbrake
      airbrake-user_informer

PATH
  remote: plugins/assertible
  specs:
    samson_assertible (0.0.0)

PATH
  remote: plugins/aws_ecr
  specs:
    samson_aws_ecr (0.0.0)
      aws-sdk-ecr

PATH
  remote: plugins/aws_sts
  specs:
    samson_aws_sts (0.0.0)
      aws-sdk-core

PATH
  remote: plugins/datadog_tracer
  specs:
    samson_datadog_tracer (0.0.1)
      ddtrace

PATH
  remote: plugins/datadog
  specs:
    samson_datadog (0.0.0)
      faraday

PATH
  remote: plugins/env
  specs:
    samson_env (0.0.0)
      aws-sdk-s3
      dotenv

PATH
  remote: plugins/flowdock
  specs:
    samson_flowdock (0.0.0)
      flowdock

PATH
  remote: plugins/gcloud
  specs:
    gcloud_image_tagger (0.0.0)

PATH
  remote: plugins/github
  specs:
    samson_github (0.0.0)

PATH
  remote: plugins/gitlab
  specs:
    samson_gitlab (0.0.0)
      git_diff_parser
      gitlab

PATH
  remote: plugins/jenkins_status_checker
  specs:
    samson_jenkins_status_checker (0.0.0)
      jenkins_api_client (~> 1.3)

PATH
  remote: plugins/jenkins
  specs:
    samson_jenkins (0.0.0)
      jenkins_api_client (~> 1.3)

PATH
  remote: plugins/jira
  specs:
    samson_jira (0.0.0)
      faraday

PATH
  remote: plugins/kubernetes
  specs:
    samson_kubernetes (0.0.1)
      kubeclient (>= 2)

PATH
  remote: plugins/ledger
  specs:
    samson_ledger (0.0.1)
      faraday

PATH
  remote: plugins/new_relic
  specs:
    samson_new_relic (0.0.0)
      newrelic_rpm

PATH
  remote: plugins/pipelines
  specs:
    samson_pipelines (0.0.0)

PATH
  remote: plugins/prerequisite_stages
  specs:
    samson_prerequisite_stages (0.0.0)

PATH
  remote: plugins/rollbar_dashboards
  specs:
    samson_rollbar_dashboards (0.0.0)

PATH
  remote: plugins/rollbar_hook
  specs:
    samson_rollbar_hook (0.0.0)

PATH
  remote: plugins/rollbar
  specs:
    samson_rollbar (0.0.0)
      rollbar
      rollbar-user_informer

PATH
  remote: plugins/slack_app
  specs:
    samson_slack_app (0.0.0)

PATH
  remote: plugins/slack_webhooks
  specs:
    samson_slack_webhooks (0.0.0)
      faraday

PATH
  remote: plugins/zendesk
  specs:
    samson_zendesk (0.0.0)
      zendesk_api

GEM
  remote: https://rubygems.org/
  remote: https://rails-assets.org/
  specs:
    actioncable (5.2.3)
      actionpack (= 5.2.3)
      nio4r (~> 2.0)
      websocket-driver (>= 0.6.1)
    actionmailer (5.2.3)
      actionpack (= 5.2.3)
      actionview (= 5.2.3)
      activejob (= 5.2.3)
      mail (~> 2.5, >= 2.5.4)
      rails-dom-testing (~> 2.0)
    actionpack (5.2.3)
      actionview (= 5.2.3)
      activesupport (= 5.2.3)
      rack (~> 2.0)
      rack-test (>= 0.6.3)
      rails-dom-testing (~> 2.0)
      rails-html-sanitizer (~> 1.0, >= 1.0.2)
    actionview (5.2.3)
      activesupport (= 5.2.3)
      builder (~> 3.1)
      erubi (~> 1.4)
      rails-dom-testing (~> 2.0)
      rails-html-sanitizer (~> 1.0, >= 1.0.3)
    active_hash (3.0.0)
      activesupport (>= 5.0.0)
    activejob (5.2.3)
      activesupport (= 5.2.3)
      globalid (>= 0.3.6)
    activemodel (5.2.3)
      activesupport (= 5.2.3)
    activerecord (5.2.3)
      activemodel (= 5.2.3)
      activesupport (= 5.2.3)
      arel (>= 9.0)
    activestorage (5.2.3)
      actionpack (= 5.2.3)
      activerecord (= 5.2.3)
      marcel (~> 0.3.1)
    activesupport (5.2.3)
      concurrent-ruby (~> 1.0, >= 1.0.2)
      i18n (>= 0.7, < 2)
      minitest (~> 5.1)
      tzinfo (~> 1.1)
    addressable (2.7.0)
      public_suffix (>= 2.0.2, < 5.0)
    airbrake (7.4.0)
      airbrake-ruby (~> 2.12)
    airbrake-ruby (2.12.0)
    airbrake-user_informer (0.6.0)
      airbrake (~> 7.0)
      airbrake-ruby (~> 2.0)
      rack
      railties (>= 5.0.0, < 5.3.0)
    ansible (0.2.2)
    ar_multi_threaded_transactional_tests (0.3.0)
      activerecord (>= 4.2.0, < 5.3.0)
    arel (9.0.0)
    ast (2.4.0)
    attr_encrypted (3.1.0)
      encryptor (~> 3.0.0)
    audited (4.9.0)
      activerecord (>= 4.2, < 6.1)
    autoprefixer-rails (9.7.0)
      execjs
    awesome_print (1.8.0)
    aws-eventstream (1.0.3)
    aws-partitions (1.228.0)
    aws-sdk-core (3.72.0)
      aws-eventstream (~> 1.0, >= 1.0.2)
      aws-partitions (~> 1, >= 1.228.0)
      aws-sigv4 (~> 1.1)
      jmespath (~> 1.0)
    aws-sdk-ecr (1.21.0)
      aws-sdk-core (~> 3, >= 3.71.0)
      aws-sigv4 (~> 1.1)
    aws-sdk-kms (1.25.0)
      aws-sdk-core (~> 3, >= 3.71.0)
      aws-sigv4 (~> 1.1)
    aws-sdk-s3 (1.51.0)
      aws-sdk-core (~> 3, >= 3.71.0)
      aws-sdk-kms (~> 1)
      aws-sigv4 (~> 1.1)
    aws-sigv4 (1.1.0)
      aws-eventstream (~> 1.0, >= 1.0.2)
    binding_of_caller (0.8.0)
      debug_inspector (>= 0.0.1)
    bootsnap (1.4.5)
      msgpack (~> 1.0)
    bootstrap-sass (3.4.1)
      autoprefixer-rails (>= 5.2.1)
      sassc (>= 2.0.0)
    bootstrap3-datetimepicker-rails (4.17.47)
      momentjs-rails (>= 2.8.1)
    brakeman (4.7.0)
    builder (3.2.3)
    bundler-audit (0.6.1)
      bundler (>= 1.2.0, < 3)
      thor (~> 0.18)
    byebug (11.0.1)
    coderay (1.1.2)
    concurrent-ruby (1.1.5)
    connection_pool (2.2.2)
    crack (0.4.3)
      safe_yaml (~> 1.0.0)
    crass (1.0.5)
    dalli (2.7.10)
    ddtrace (0.28.0)
      msgpack
    debug_inspector (0.0.3)
    diffy (3.3.0)
    dogstatsd-ruby (4.5.0)
    domain_name (0.5.20190701)
      unf (>= 0.0.5, < 1.0.0)
    doorkeeper (5.2.1)
      railties (>= 5)
    dotenv (2.7.5)
    encryptor (3.0.0)
    erubi (1.9.0)
    erubis (2.7.0)
    execjs (2.7.0)
    faraday (0.17.0)
      multipart-post (>= 1.2, < 3)
    faraday-http-cache (2.0.0)
      faraday (~> 0.8)
    ffi (1.11.1)
    ffi-compiler (1.0.1)
      ffi (>= 1.0.0)
      rake
    flay (2.12.1)
      erubis (~> 2.7.0)
      path_expander (~> 1.0)
      ruby_parser (~> 3.0)
      sexp_processor (~> 4.0)
    flowdock (0.7.1)
      httparty (~> 0.7)
      multi_json
    forking_test_runner (1.5.2)
      parallel_tests (>= 1.3.7)
    git_diff_parser (3.2.0)
    github-markdown (0.6.9)
    gitlab (4.12.0)
      httparty (~> 0.14, >= 0.14.0)
      terminal-table (~> 1.5, >= 1.5.1)
    globalid (0.4.2)
      activesupport (>= 4.2.0)
    goldiloader (3.1.1)
      activerecord (>= 4.2, < 6.1)
      activesupport (>= 4.2, < 6.1)
    hashdiff (1.0.0)
    hashie (3.6.0)
    http (4.2.0)
      addressable (~> 2.3)
      http-cookie (~> 1.0)
      http-form_data (~> 2.0)
      http-parser (~> 1.2.0)
    http-accept (1.7.0)
    http-cookie (1.0.3)
      domain_name (~> 0.5)
    http-form_data (2.1.1)
    http-parser (1.2.1)
      ffi-compiler (>= 1.0, < 2.0)
    httparty (0.17.1)
      mime-types (~> 3.0)
      multi_xml (>= 0.5.2)
    i18n (1.7.0)
      concurrent-ruby (~> 1.0)
    inflection (1.0.0)
    interception (0.5)
    jaro_winkler (1.5.3)
    jenkins_api_client (1.5.3)
      json (>= 1.0)
      mixlib-shellout (>= 1.1.0)
      nokogiri (~> 1.6)
      socksify (>= 1.7.0)
      terminal-table (>= 1.4.0)
      thor (>= 0.16.0)
    jmespath (1.4.0)
    json (2.2.0)
    jwt (2.2.1)
    kubeclient (4.5.0)
      http (>= 3.0, < 5.0)
      recursive-open-struct (~> 1.0, >= 1.0.4)
      rest-client (~> 2.0)
    large_object_store (1.3.4)
    lograge (0.11.2)
      actionpack (>= 4)
      activesupport (>= 4)
      railties (>= 4)
      request_store (~> 1.0)
    logstash-event (1.2.02)
    loofah (2.3.1)
      crass (~> 1.0.2)
      nokogiri (>= 1.5.9)
    mail (2.7.1)
      mini_mime (>= 0.1.1)
    marcel (0.3.3)
      mimemagic (~> 0.3.2)
    marco-polo (1.2.1)
    maxitest (3.4.0)
      minitest (>= 5.0.0, < 5.13.0)
    metaclass (0.0.4)
    method_source (0.8.2)
    mime-types (3.1)
      mime-types-data (~> 3.2015)
    mime-types-data (3.2019.1009)
    mimemagic (0.3.3)
    mini_mime (1.0.2)
    mini_portile2 (2.4.0)
    minitest (5.12.2)
    minitest-rails (5.2.0)
      minitest (~> 5.10)
      railties (~> 5.2.0)
    mixlib-shellout (3.0.7)
    mocha (1.9.0)
      metaclass (~> 0.0.1)
    momentjs-rails (2.20.1)
      railties (>= 3.1)
    msgpack (1.3.1)
    multi_json (1.14.1)
    multi_xml (0.6.0)
    multipart-post (2.1.1)
    mysql2 (0.5.2)
    net-http-persistent (3.1.0)
      connection_pool (~> 2.2)
    net-ldap (0.16.1)
    netrc (0.11.0)
    newrelic_rpm (6.7.0.359)
    nio4r (2.5.2)
    nokogiri (1.10.4)
      mini_portile2 (~> 2.4.0)
    oauth (0.5.4)
    oauth2 (1.4.2)
      faraday (>= 0.8, < 2.0)
      jwt (>= 1.0, < 3.0)
      multi_json (~> 1.3)
      multi_xml (~> 0.5)
      rack (>= 1.2, < 3)
    octokit (4.14.0)
      sawyer (~> 0.8.0, >= 0.5.3)
    omniauth (1.9.0)
      hashie (>= 3.4.6, < 3.7.0)
      rack (>= 1.6.2, < 3)
    omniauth-bitbucket (0.0.2)
      multi_json (~> 1.7)
      omniauth (~> 1.1)
      omniauth-oauth (~> 1.0)
    omniauth-github (1.3.0)
      omniauth (~> 1.5)
      omniauth-oauth2 (>= 1.4.0, < 2.0)
    omniauth-gitlab (2.0.0)
      omniauth (~> 1.0)
      omniauth-oauth2 (~> 1.0)
    omniauth-google-oauth2 (0.8.0)
      jwt (>= 2.0)
      omniauth (>= 1.1.1)
      omniauth-oauth2 (>= 1.6)
    omniauth-ldap (1.0.5)
      net-ldap (~> 0.12)
      omniauth (~> 1.0)
      pyu-ruby-sasl (~> 0.0.3.2)
      rubyntlm (~> 0.3.4)
    omniauth-oauth (1.1.0)
      oauth
      omniauth (~> 1.0)
    omniauth-oauth2 (1.6.0)
      oauth2 (~> 1.1)
      omniauth (~> 1.9)
    omniauth-rails_csrf_protection (0.1.2)
      actionpack (>= 4.2)
      omniauth (>= 1.3.1)
    pagy (3.6.0)
    parallel (1.18.0)
    parallel_tests (2.29.2)
      parallel
    parser (2.6.5.0)
      ast (~> 2.4.0)
    path_expander (1.1.0)
    pg (1.1.4)
    pry (0.10.4)
      coderay (~> 1.1.0)
      method_source (~> 0.8.1)
      slop (~> 3.4)
    pry-byebug (3.7.0)
      byebug (~> 11.0)
      pry (~> 0.10)
    pry-rails (0.3.9)
      pry (>= 0.10.4)
    pry-rescue (1.4.5)
      interception (>= 0.5)
      pry
    pry-stack_explorer (0.4.9.3)
      binding_of_caller (>= 0.7)
      pry (>= 0.9.11)
    public_suffix (4.0.1)
    puma (4.2.1)
      nio4r (~> 2.0)
    pyu-ruby-sasl (0.0.3.3)
    rack (2.0.7)
    rack-mini-profiler (0.10.7)
      rack (>= 1.2.0)
    rack-test (1.1.0)
      rack (>= 1.0, < 3)
    rails (5.2.3)
      actioncable (= 5.2.3)
      actionmailer (= 5.2.3)
      actionpack (= 5.2.3)
      actionview (= 5.2.3)
      activejob (= 5.2.3)
      activemodel (= 5.2.3)
      activerecord (= 5.2.3)
      activestorage (= 5.2.3)
      activesupport (= 5.2.3)
      bundler (>= 1.3.0)
      railties (= 5.2.3)
      sprockets-rails (>= 2.0.0)
    rails-assets-bootstrap-select (1.10.0)
      rails-assets-jquery (>= 1.8)
    rails-assets-jquery (3.4.1)
    rails-assets-jquery-cookie (1.4.1)
      rails-assets-jquery (>= 1.2)
    rails-assets-jquery-ui (1.12.1)
      rails-assets-jquery (>= 1.6)
    rails-assets-jquery-ujs (1.2.2)
      rails-assets-jquery (> 1.8)
    rails-assets-jsSHA (2.3.1)
    rails-assets-jstimezonedetect (1.0.5)
    rails-assets-typeahead.js (0.11.1)
      rails-assets-jquery (>= 1.7)
    rails-assets-underscore (1.9.1)
    rails-assets-x-editable (1.5.1)
      rails-assets-jquery (>= 1.6)
    rails-controller-testing (1.0.4)
      actionpack (>= 5.0.1.x)
      actionview (>= 5.0.1.x)
      activesupport (>= 5.0.1.x)
    rails-dom-testing (2.0.3)
      activesupport (>= 4.2.0)
      nokogiri (>= 1.6)
    rails-html-sanitizer (1.3.0)
      loofah (~> 2.3)
    railties (5.2.3)
      actionpack (= 5.2.3)
      activesupport (= 5.2.3)
      method_source
      rake (>= 0.8.7)
      thor (>= 0.19.0, < 2.0)
    rainbow (3.0.0)
    rake (13.0.0)
    rb-fsevent (0.10.3)
    rb-inotify (0.10.0)
      ffi (~> 1.0)
    recursive-open-struct (1.1.0)
    request_store (1.4.1)
      rack (>= 1.4)
    rest-client (2.1.0)
      http-accept (>= 1.7.0, < 2.0)
      http-cookie (>= 1.0.2, < 2.0)
      mime-types (>= 1.16, < 4.0)
      netrc (~> 0.8)
    rollbar (2.22.1)
    rollbar-user_informer (0.1.0)
      rollbar (~> 2.15)
    rubocop (0.75.1)
      jaro_winkler (~> 1.5.1)
      parallel (~> 1.10)
      parser (>= 2.6)
      rainbow (>= 2.2.2, < 4.0)
      ruby-progressbar (~> 1.7)
      unicode-display_width (>= 1.4.0, < 1.7)
    ruby-progressbar (1.10.1)
    ruby_parser (3.14.0)
      sexp_processor (~> 4.9)
    rubyntlm (0.3.4)
    safe_yaml (1.0.5)
    sass (3.7.4)
      sass-listen (~> 4.0.0)
    sass-listen (4.0.0)
      rb-fsevent (~> 0.9, >= 0.9.4)
      rb-inotify (~> 0.9, >= 0.9.7)
    sass-rails (5.1.0)
      railties (>= 5.2.0)
      sass (~> 3.1)
      sprockets (>= 2.8, < 4.0)
      sprockets-rails (>= 2.0, < 4.0)
      tilt (>= 1.1, < 3)
    sassc (2.2.1)
      ffi (~> 1.9)
    sawyer (0.8.2)
      addressable (>= 2.3.5)
      faraday (> 0.8, < 2.0)
    sexp_processor (4.13.0)
    single_cov (1.3.2)
    slop (3.6.0)
    socksify (1.7.1)
    soft_deletion (1.5.0)
      activerecord (>= 4.2.0, < 6.1.0)
    sprockets (3.7.2)
      concurrent-ruby (~> 1.0)
      rack (> 1, < 3)
    sprockets-rails (3.2.1)
      actionpack (>= 4.0)
      activesupport (>= 4.0)
      sprockets (>= 3.0.0)
    sqlite3 (1.4.1)
    stackprof (0.2.13)
    terminal-table (1.8.0)
      unicode-display_width (~> 1.1, >= 1.1.1)
    thor (0.20.3)
    thread_safe (0.3.6)
    tilt (2.0.10)
    tzinfo (1.2.5)
      thread_safe (~> 0.1)
    uglifier (4.2.0)
      execjs (>= 0.3.0, < 3)
    unf (0.1.4)
      unf_ext
    unf_ext (0.0.7.6)
    unicode-display_width (1.6.0)
    validates_lengths_from_database (0.7.0)
      activerecord (>= 3)
    warden (1.2.8)
      rack (>= 2.0.6)
    webmock (3.7.6)
      addressable (>= 2.3.6)
      crack (>= 0.3.2)
      hashdiff (>= 0.4.0, < 2.0.0)
    websocket-driver (0.7.1)
      websocket-extensions (>= 0.1.0)
    websocket-extensions (0.1.4)
    zendesk_api (1.20.0)
      faraday (~> 0.9)
      hashie (>= 3.5.2, < 4.0.0)
      inflection
      mime-types
      multipart-post (~> 2.0)

PLATFORMS
  ruby
  x86_64-darwin-18

DEPENDENCIES
  active_hash
  ansible
  ar_multi_threaded_transactional_tests
  attr_encrypted
  audited
  awesome_print
  bootsnap
  bootstrap-sass (~> 3.4)
  bootstrap3-datetimepicker-rails
  brakeman
  bundler
  bundler-audit
  coderay
  concurrent-ruby
  connection_pool
  dalli
  diffy
  dogstatsd-ruby
  doorkeeper
  dotenv
  faraday
  faraday-http-cache
  flay
  forking_test_runner
  gcloud_image_tagger!
  github-markdown
  goldiloader
  large_object_store
  lograge
  logstash-event
  marco-polo
  maxitest
  mime-types (~> 3.1.0)
  minitest-rails
  mocha
  momentjs-rails
  mysql2
  net-http-persistent
  octokit
  omniauth
  omniauth-bitbucket
  omniauth-github
  omniauth-gitlab
  omniauth-google-oauth2
  omniauth-ldap
  omniauth-oauth2
  omniauth-rails_csrf_protection
  pagy
  parallel
  parallel_tests
  pg
  pry (~> 0.10.0)
  pry-byebug
  pry-rails
  pry-rescue
  pry-stack_explorer
  puma
  rack-mini-profiler (~> 0.10.2)
  rails (= 5.2.3)
  rails-assets-bootstrap-select (~> 1.10.0)!
  rails-assets-jquery!
  rails-assets-jquery-cookie!
  rails-assets-jquery-ui!
  rails-assets-jquery-ujs!
  rails-assets-jsSHA!
  rails-assets-jstimezonedetect!
  rails-assets-typeahead.js!
  rails-assets-underscore!
  rails-assets-x-editable!
  rails-controller-testing
  rubocop
  samson_airbrake!
  samson_airbrake_hook!
  samson_assertible!
  samson_aws_ecr!
  samson_aws_sts!
  samson_datadog!
  samson_datadog_tracer!
  samson_env!
  samson_flowdock!
  samson_github!
  samson_gitlab!
  samson_jenkins!
  samson_jenkins_status_checker!
  samson_jira!
  samson_kubernetes!
  samson_ledger!
  samson_new_relic!
  samson_pipelines!
  samson_prerequisite_stages!
  samson_rollbar!
  samson_rollbar_dashboards!
  samson_rollbar_hook!
  samson_slack_app!
  samson_slack_webhooks!
  samson_zendesk!
  sass-rails (~> 5.0)
  sawyer
  single_cov
  soft_deletion
  sprockets (~> 3.0)
  sqlite3
  stackprof
  uglifier
  validates_lengths_from_database
  vault!
  warden
  webmock

RUBY VERSION
   ruby 2.6.3p62

BUNDLED WITH
   1.17.3
